GEM
  remote: https://rubygems.org/
  specs:
    actionmailer (3.2.21)
      actionpack (= 3.2.21)
      mail (~> 2.5.4)
    actionpack (3.2.21)
      activemodel (= 3.2.21)
      activesupport (= 3.2.21)
      builder (~> 3.0.0)
      erubis (~> 2.7.0)
      journey (~> 1.0.4)
      rack (~> 1.4.5)
      rack-cache (~> 1.2)
      rack-test (~> 0.6.1)
      sprockets (~> 2.2.1)
    active-fedora (5.7.1)
      activeresource (>= 3.0.0)
      activesupport (>= 3.0.0)
      builder (~> 3.0.0)
      deprecation
      mediashelf-loggable
      nom-xml (>= 0.5.1)
      om (~> 1.8.0)
      rdf
      rdf-rdfxml (~> 0.3.8)
      rsolr
      rubydora (~> 1.6)
      solrizer (~> 2.1)
    activemodel (3.2.21)
      activesupport (= 3.2.21)
      builder (~> 3.0.0)
    activeresource (3.2.21)
      activemodel (= 3.2.21)
      activesupport (= 3.2.21)
    activesupport (3.2.21)
      i18n (~> 0.6, >= 0.6.4)
      multi_json (~> 1.0)
    addressable (2.3.5)
    assembly-image (1.6.8)
      activesupport (> 3)
      assembly-objectfile (>= 1.6.4)
      mini_exiftool (~> 1.6)
      nokogiri
      uuidtools
    assembly-objectfile (1.6.5)
      mime-types
      mini_exiftool
      nokogiri
    assembly-utils (1.4.2)
      activeresource
      activesupport
      addressable (= 2.3.5)
      csv-mapper
      dor-services (>= 3.25.1)
      dor-workflow-service (>= 1.3.1)
      druid-tools (>= 0.2.6)
      fastercsv
      nokogiri
    awesome_print (1.6.1)
    bagit (0.3.2)
      docopt (~> 0.5.0)
      validatable (~> 1.6)
    builder (3.0.4)
    bundler-audit (0.3.1)
      bundler (~> 1.2)
      thor (~> 0.18)
    capistrano (3.3.5)
      capistrano-stats (~> 1.1.0)
      i18n
      rake (>= 10.0.0)
      sshkit (~> 1.3)
    capistrano-bundle_audit (0.0.3)
      bundler-audit
      capistrano (~> 3.0)
    capistrano-bundler (1.1.4)
      capistrano (~> 3.1)
      sshkit (~> 1.2)
    capistrano-one_time_key (0.0.1)
      capistrano (~> 3.0)
    capistrano-releaseboard (0.0.1)
      faraday
    capistrano-rvm (0.1.2)
      capistrano (~> 3.0)
      sshkit (~> 1.2)
    capistrano-stats (1.1.1)
    chronic (0.10.2)
    confstruct (0.2.7)
    countries (0.9.2)
      currencies (>= 0.4.0)
    csv-mapper (0.5.1)
      fastercsv
    currencies (0.4.2)
    daemons (1.2.2)
    deprecation (0.2.2)
      activesupport
    diff-lcs (1.2.5)
    dir_validator (0.14.6)
    docopt (0.5.0)
    domain_name (0.5.23)
      unf (>= 0.0.5, < 1.0.0)
    dor-fetcher (1.1.7)
      addressable
      rest-client
    dor-services (4.19.1)
      active-fedora (~> 5.7.1)
      activesupport (~> 3.2, >= 3.2.18)
      addressable (= 2.3.5)
      confstruct (~> 0.2.7)
      dor-workflow-service (~> 1.7, >= 1.7.1)
      druid-tools (~> 0.4.0)
      equivalent-xml (~> 0.5.1)
      json (~> 1.8.1)
      lyber-utils (~> 0.1.2)
      moab-versioning (~> 1.4.4)
      net-sftp (~> 2.1.2)
      net-ssh (~> 2.6.5)
      nokogiri (~> 1.6.0)
      om (~> 1.8.0)
      osullivan (~> 0.0.3)
      progressbar (~> 0.21.0)
      rdf (~> 1.0.9.0)
      rest-client (~> 1.7)
      retries
      rsolr-ext (~> 1.0.3)
      ruby-cache (~> 0.3.0)
      ruby-graphviz (~> 1.0.9)
      rubydora (~> 1.6.5)
      solrizer (~> 2.0)
      stanford-mods (~> 0.0.14)
      systemu (~> 2.6.0)
      uuidtools (~> 2.1.4)
      validatable (~> 1.6.7)
    dor-workflow-service (1.7.5)
      activesupport (>= 3.2.1, < 4.2.2)
      confstruct (~> 0.2.7)
      nokogiri (~> 1.6.0)
      rest-client (~> 1.7)
    druid-tools (0.4.0)
    equivalent-xml (0.5.1)
      nokogiri (>= 1.4.3)
    erubis (2.7.0)
    faraday (0.9.1)
      multipart-post (>= 1.2, < 3)
    faraday_middleware (0.9.1)
      faraday (>= 0.7.4, < 0.10)
    fastercsv (1.5.5)
    harvestdor (0.0.14)
      confstruct
      faraday (>= 0.9.0)
      nokogiri
      oai (~> 0.3.0)
    hike (1.2.3)
    hooks (0.3.6)
      uber (~> 0.0.4)
    http-cookie (1.0.2)
      domain_name (~> 0.5)
    i18n (0.7.0)
    iso-639 (0.2.5)
    journey (1.0.4)
    json (1.8.2)
    lyber-utils (0.1.2)
      bagit (>= 0.1.0)
      nokogiri (>= 1.4.3.1)
      systemu (>= 1.2.0)
      validatable
    lyberteam-capistrano-devel (3.1.0)
      capistrano (~> 3.0)
      capistrano-bundle_audit (>= 0.0.3)
      capistrano-one_time_key
      capistrano-releaseboard
    mail (2.5.4)
      mime-types (~> 1.16)
      treetop (~> 1.4.8)
    mediashelf-loggable (0.4.10)
    mime-types (1.25.1)
    mini_exiftool (1.7.0)
    mini_portile (0.6.2)
    moab-versioning (1.4.4)
      confstruct
      json
      nokogiri
      nokogiri-happymapper
      systemu
    mods (2.0.3)
      iso-639
      nokogiri
      nom-xml (~> 0.5.2)
    multi_json (1.11.0)
    multipart-post (2.0.0)
    net-scp (1.2.1)
      net-ssh (>= 2.6.5)
    net-sftp (2.1.2)
      net-ssh (>= 2.6.5)
    net-ssh (2.6.8)
    netrc (0.10.3)
    nokogiri (1.6.6.2)
      mini_portile (~> 0.6.0)
    nokogiri-happymapper (0.5.9)
      nokogiri (~> 1.5)
    nom-xml (0.5.2)
      activesupport (>= 3.2.18)
      i18n
      nokogiri
    oai (0.3.1)
      builder (>= 2.0.0)
      faraday
      faraday_middleware
    om (1.8.0)
      activemodel
      activesupport
      deprecation
      mediashelf-loggable
      nokogiri (>= 1.4.2)
    osullivan (0.0.3)
      activesupport (>= 3.2.18)
      faraday (~> 0.9.0)
      json
    polyglot (0.3.5)
    progressbar (0.21.0)
    rack (1.4.5)
    rack-cache (1.2)
      rack (>= 0.4)
    rack-test (0.6.3)
      rack (>= 1.0)
    rake (10.4.2)
    rdf (1.0.9)
      addressable (>= 2.3)
    rdf-rdfxml (0.3.9)
      rdf (>= 0.3.11)
      rdf-xsd (>= 0.3.8)
    rdf-xsd (1.0.2.1)
      nokogiri (>= 1.5.0)
      rdf (>= 0.3.4)
    rest-client (1.8.0)
      http-cookie (>= 1.0.2, < 2.0)
      mime-types (>= 1.16, < 3.0)
      netrc (~> 0.7)
    retries (0.0.5)
    revs-utils (1.0.18)
      actionpack (~> 3)
      chronic
      countries (= 0.9.2)
      rdf
    roo (1.13.2)
      nokogiri
      rubyzip
      spreadsheet (> 0.6.4)
    rsolr (1.0.12)
      builder (>= 2.1.2)
    rsolr-ext (1.0.3)
      rsolr (>= 1.0.2)
    rspec (2.99.0)
      rspec-core (~> 2.99.0)
      rspec-expectations (~> 2.99.0)
      rspec-mocks (~> 2.99.0)
    rspec-core (2.99.2)
    rspec-expectations (2.99.2)
      diff-lcs (>= 1.1.3, < 2.0)
    rspec-mocks (2.99.3)
    ruby-cache (0.3.0)
    ruby-graphviz (1.0.9)
    ruby-ole (1.2.11.8)
    rubydora (1.6.5)
      activemodel
      activesupport
      deprecation
      equivalent-xml
      fastercsv
      hooks (~> 0.3.0)
      mime-types
      nokogiri
      rest-client
    rubyzip (1.1.7)
    solrizer (2.2.0)
      activesupport
      daemons
      mediashelf-loggable (~> 0.4.7)
      nokogiri
      om (>= 1.5.0)
      stomp
      xml-simple
    spreadsheet (1.0.3)
      ruby-ole (>= 1.0)
    sprockets (2.2.3)
      hike (~> 1.2)
      multi_json (~> 1.0)
      rack (~> 1.0)
      tilt (~> 1.1, != 1.3.0)
    sshkit (1.3.0)
      net-scp (>= 1.1.2)
      net-ssh
      term-ansicolor
    stanford-mods (0.0.27)
      mods
    stomp (1.3.4)
    systemu (2.6.5)
    term-ansicolor (1.3.0)
      tins (~> 1.0)
    thor (0.19.1)
    tilt (1.4.1)
    tins (1.3.3)
    treetop (1.4.15)
      polyglot
      polyglot (>= 0.3.1)
    uber (0.0.13)
    unf (0.1.4)
      unf_ext
    unf_ext (0.0.6)
    uuidtools (2.1.5)
    validatable (1.6.7)
    xml-simple (1.1.5)
    yard (0.8.7.6)

PLATFORMS
  ruby

DEPENDENCIES
  actionmailer (>= 3.2.20)
  actionpack (>= 3.2.21)
  addressable (<= 2.3.5)
  assembly-image (>= 1.6.8)
  assembly-objectfile (>= 1.6.5)
  assembly-utils (>= 1.4.2)
  awesome_print
  capistrano (~> 3)
  capistrano-bundler
  capistrano-rvm
  csv-mapper
  dir_validator
  dor-fetcher (>= 1.1.5)
  dor-services (~> 4.19)
  dor-workflow-service (>= 1.3.1)
  druid-tools (>= 0.2.0)
  equivalent-xml
  harvestdor
  lyberteam-capistrano-devel (~> 3)
  nokogiri
  rake
  rdf (<= 1.0.9)
  rest-client (>= 1.8)
  revs-utils (>= 1.0.18)
  roo
  rspec (~> 2.6)
  yard
